GIT
  remote: git://github.com/effektz/audited.git
  revision: 3f84aa76b0f4c3c11c85619354069033ecb1ea44
  ref: 3f84aa7
  specs:
    audited (3.0.0)
    audited-activerecord (3.0.0)
      activerecord (~> 3.0)
      audited (= 3.0.0)

GEM
  remote: https://rubygems.org/
  specs:
    actionmailer (3.2.9)
      actionpack (= 3.2.9)
      mail (~> 2.4.4)
    actionpack (3.2.9)
      activemodel (= 3.2.9)
      activesupport (= 3.2.9)
      builder (~> 3.0.0)
      erubis (~> 2.7.0)
      journey (~> 1.0.4)
      rack (~> 1.4.0)
      rack-cache (~> 1.2)
      rack-test (~> 0.6.1)
      sprockets (~> 2.2.1)
    active_utils (1.0.5)
      activesupport (>= 2.3.11)
      i18n
    activemerchant (1.33.0)
      active_utils (>= 1.0.2)
      activesupport (>= 2.3.14)
      builder (>= 2.0.0)
      i18n
      json (>= 1.5.1)
      money
      nokogiri
    activemodel (3.2.9)
      activesupport (= 3.2.9)
      builder (~> 3.0.0)
    activerecord (3.2.9)
      activemodel (= 3.2.9)
      activesupport (= 3.2.9)
      arel (~> 3.0.2)
      tzinfo (~> 0.3.29)
    activerecord-jdbc-adapter (1.2.2.1)
    activerecord-jdbcpostgresql-adapter (1.2.2.1)
      activerecord-jdbc-adapter (~> 1.2.2.1)
      jdbc-postgres (>= 9.0, < 9.2)
    activeresource (3.2.9)
      activemodel (= 3.2.9)
      activesupport (= 3.2.9)
    activesupport (3.2.9)
      i18n (~> 0.6)
      multi_json (~> 1.0)
    ajaxful_rating (3.0.0.beta8)
    amistad (0.9.2)
      squeel
    ancestry (1.3.0)
      activerecord (>= 2.3.14)
    arel (3.0.2)
    bcrypt-ruby (3.0.1)
    bcrypt-ruby (3.0.1-java)
    bootstrap-sass-rails (2.2.2.0)
      railties (>= 3.1.0)
      sass-rails (>= 3.1.0)
    builder (3.0.4)
    capybara (2.0.2)
      mime-types (>= 1.16)
      nokogiri (>= 1.3.3)
      rack (>= 1.0.0)
      rack-test (>= 0.5.4)
      selenium-webdriver (~> 2.0)
      xpath (~> 1.0.0)
    carrierwave (0.7.1)
      activemodel (>= 3.2.0)
      activesupport (>= 3.2.0)
    childprocess (0.3.7)
      ffi (~> 1.0, >= 1.0.6)
    commonjs (0.2.6)
    database_cleaner (0.9.1)
    devise (2.1.2)
      bcrypt-ruby (~> 3.0)
      orm_adapter (~> 0.1)
      railties (~> 3.1)
      warden (~> 1.2.1)
    enum_accessor (0.2.0)
      activesupport (>= 3.0.0)
    erubis (2.7.0)
    excon (0.16.10)
    execjs (1.4.0)
      multi_json (~> 1.0)
    ffi (1.3.1)
    ffi (1.3.1-java)
    fog (1.8.0)
      builder
      excon (~> 0.14)
      formatador (~> 0.2.0)
      mime-types
      multi_json (~> 1.0)
      net-scp (~> 1.0.4)
      net-ssh (>= 2.1.3)
      nokogiri (~> 1.5.0)
      ruby-hmac
    formatador (0.2.4)
    friendly_id (4.0.9)
    hike (1.2.1)
    i18n (0.6.1)
    jdbc-postgres (9.1.901)
    journey (1.0.4)
    jquery-rails (2.1.4)
      railties (>= 3.0, < 5.0)
      thor (>= 0.14, < 2.0)
    json (1.7.5)
    json (1.7.5-java)
    kaminari (0.14.1)
      actionpack (>= 3.0.0)
      activesupport (>= 3.0.0)
    less (2.2.2)
      commonjs (~> 0.2.6)
    less-rails (2.2.6)
      actionpack (>= 3.1)
      less (~> 2.2.0)
    mail (2.4.4)
      i18n (>= 0.4.0)
      mime-types (~> 1.16)
      treetop (~> 1.4.8)
    mime-types (1.19)
    mini_magick (3.4)
      subexec (~> 0.2.1)
    minitest (4.5.0)
    minitest-rails (0.3)
      minitest (~> 4.0)
      rails (~> 3.0)
    money (5.1.1)
      i18n (~> 0.6.0)
    multi_json (1.5.0)
    net-scp (1.0.4)
      net-ssh (>= 1.99.1)
    net-ssh (2.6.2)
    newrelic-redis (1.4.0)
      newrelic_rpm (~> 3.0)
      redis (< 4.0)
    newrelic_rpm (3.5.3.25)
    nokogiri (1.5.5)
    nokogiri (1.5.5-java)
    orm_adapter (0.4.0)
    polyamorous (0.5.0)
      activerecord (~> 3.0)
    polyglot (0.3.3)
    puma (1.6.3)
      rack (~> 1.2)
    puma (1.6.3-java)
      rack (~> 1.2)
    pundit (0.1.0)
      rails (~> 3.0)
    rack (1.4.1)
    rack-cache (1.2)
      rack (>= 0.4)
    rack-ssl (1.3.2)
      rack
    rack-test (0.6.2)
      rack (>= 1.0)
    rails (3.2.9)
      actionmailer (= 3.2.9)
      actionpack (= 3.2.9)
      activerecord (= 3.2.9)
      activeresource (= 3.2.9)
      activesupport (= 3.2.9)
      bundler (~> 1.0)
      railties (= 3.2.9)
    rails3_acts_as_paranoid (0.2.5)
      activerecord (~> 3.2)
    railties (3.2.9)
      actionpack (= 3.2.9)
      activesupport (= 3.2.9)
      rack-ssl (~> 1.3.2)
      rake (>= 0.8.7)
      rdoc (~> 3.4)
      thor (>= 0.14.6, < 2.0)
    rake (10.0.3)
    rdoc (3.12)
      json (~> 1.4)
    redis (3.0.2)
    rpm_contrib (2.1.11)
      newrelic_rpm (>= 3.1.1)
      newrelic_rpm (>= 3.1.1)
    ruby-hmac (0.4.0)
    rubyzip (0.9.9)
    sass (3.2.3)
    sass-rails (3.2.5)
      railties (~> 3.2.0)
      sass (>= 3.1.10)
      tilt (~> 1.3)
    selenium-webdriver (2.29.0)
      childprocess (>= 0.2.5)
      multi_json (~> 1.0)
      rubyzip
      websocket (~> 1.0.4)
    sprockets (2.2.2)
      hike (~> 1.2)
      multi_json (~> 1.0)
      rack (~> 1.0)
      tilt (~> 1.1, != 1.3.0)
    squeel (1.0.14)
      activerecord (~> 3.0)
      activesupport (~> 3.0)
      polyamorous (~> 0.5.0)
    strong_parameters (0.1.5)
      actionpack (~> 3.1)
      activemodel (~> 3.1)
      railties (~> 3.1)
    subexec (0.2.2)
    therubyrhino (2.0.2)
      therubyrhino_jar (>= 1.7.3)
    therubyrhino_jar (1.7.4)
    thor (0.16.0)
    tilt (1.3.3)
    treetop (1.4.12)
      polyglot
      polyglot (>= 0.3.1)
    twitter-bootstrap-rails (2.2.3)
      actionpack (>= 3.1)
      execjs
      railties (>= 3.1)
    tzinfo (0.3.35)
    warden (1.2.1)
      rack (>= 1.0)
    websocket (1.0.7)
    xpath (1.0.0)
      nokogiri (~> 1.3)

PLATFORMS
  java

DEPENDENCIES
  activemerchant
  activerecord-jdbcpostgresql-adapter (~> 1.2.2)
  ajaxful_rating (~> 3.0.0.beta8)
  amistad (~> 0.9.2)
  ancestry (~> 1.3.0)
  audited!
  audited-activerecord (~> 3.0.0)
  bcrypt-ruby
  bootstrap-sass-rails
  capybara
  carrierwave (~> 0.7.1)
  database_cleaner
  devise (~> 2.1.2)
  enum_accessor (~> 0.2.0)
  fog (~> 1.8.0)
  friendly_id (~> 4.0.9)
  jquery-rails (~> 2.1.3)
  kaminari (~> 0.14.1)
  less-rails
  mini_magick (~> 3.4)
  minitest-rails
  newrelic-redis (~> 1.4.0)
  newrelic_rpm (~> 3.5)
  puma (~> 1.6.3)
  pundit (~> 0.1.0)
  rails (~> 3.2.9)
  rails3_acts_as_paranoid (~> 0.2.4)
  rpm_contrib (~> 2.1.11)
  strong_parameters (~> 0.1.5)
  therubyrhino
  twitter-bootstrap-rails
